GIT
  remote: /usr/lib/blockbridge-api
  revision: ee34b47c6698f984d1b7bd0061bbb86b1bef0e7c
  branch: master
  specs:
    blockbridge-api (1.1.0)
      excon (~> 0.48)
      hashie (~> 3.4)
      heroics (= 0.0.17)
      jsonpath
      moneta
      multi_json (~> 1.11)

GIT
  remote: /usr/lib/blockbridge-util
  revision: e0d8102577b28546c47f0dea435ad76927d0741d
  branch: master
  specs:
    blockbridge-util (1.2.0)
      hashie (~> 3.4)
      multi_json
      naturally (~> 2.1)
      paint
      sys-filesystem (~> 1.1)

GIT
  remote: /usr/lib/clamp
  revision: 8e459714e74cf9a7d4d1aab89125573383c5e548
  branch: bb
  specs:
    clamp (1.0.0)

GIT
  remote: /usr/lib/heroics
  revision: a194a4289d3ac77bbb58a15d9745cdaa000fcc97
  branch: 0.0.17-bb
  specs:
    heroics (0.0.17)
      erubis (~> 2.0)
      excon
      multi_json (>= 1.9.2)

GIT
  remote: git://github.com/srust/grape.git
  revision: c6494e6e3174ed09d49b2490ea19e0f318a4be70
  branch: 1048_dot_in_version_accept_header
  specs:
    grape (0.12.1)
      activesupport
      builder
      hashie (>= 2.1.0)
      multi_json (>= 1.3.2)
      multi_xml (>= 0.5.2)
      rack (>= 1.3.0)
      rack-accept
      rack-mount
      virtus (>= 1.0.0)

GIT
  remote: git://github.com/swipely/docker-api.git
  revision: 792d0293f3371eb1aa795fc4043322513b0889c2
  branch: master
  specs:
    docker-api (1.32.1)
      excon (>= 0.38.0)
      json

GEM
  remote: https://rubygems.org/
  specs:
    activesupport (5.0.0.1)
      concurrent-ruby (~> 1.0, >= 1.0.2)
      i18n (~> 0.7)
      minitest (~> 5.1)
      tzinfo (~> 1.1)
    addressable (2.4.0)
    async-rack (0.5.1)
      rack (~> 1.1)
    axiom-types (0.1.1)
      descendants_tracker (~> 0.0.4)
      ice_nine (~> 0.11.0)
      thread_safe (~> 0.3, >= 0.3.1)
    builder (3.2.2)
    coercible (1.0.0)
      descendants_tracker (~> 0.0.1)
    concurrent-ruby (1.0.2)
    cookiejar (0.3.3)
    descendants_tracker (0.0.4)
      thread_safe (~> 0.3, >= 0.3.1)
    domain_name (0.5.20161021)
      unf (>= 0.0.5, < 1.0.0)
    em-http-request (1.1.5)
      addressable (>= 2.3.4)
      cookiejar (!= 0.3.1)
      em-socksify (>= 0.3)
      eventmachine (>= 1.0.3)
      http_parser.rb (>= 0.6.0)
    em-socksify (0.3.1)
      eventmachine (>= 1.0.0.beta.4)
    em-synchrony (1.0.5)
      eventmachine (>= 1.0.0.beta.1)
    em-websocket (0.3.8)
      addressable (>= 2.1.1)
      eventmachine (>= 0.12.9)
    equalizer (0.0.11)
    erubis (2.7.0)
    eventmachine (1.2.0.1)
    excon (0.54.0)
    facets (3.1.0)
    ffi (1.9.14)
    git-version-bump (0.15.1)
    goliath (1.0.4)
      async-rack
      em-synchrony (>= 1.0.0)
      em-websocket (= 0.3.8)
      eventmachine (>= 1.0.0.beta.4)
      http_parser.rb (= 0.6.0)
      log4r
      multi_json
      rack (>= 1.2.2)
      rack-contrib
      rack-respond_to
    hashie (3.4.6)
    http-cookie (1.0.3)
      domain_name (~> 0.5)
    http_parser.rb (0.6.0)
    i18n (0.7.0)
    ice_nine (0.11.2)
    json (2.0.2)
    jsonpath (0.5.8)
      multi_json
    log4r (1.1.10)
    mime-types (3.1)
      mime-types-data (~> 3.2015)
    mime-types-data (3.2016.0521)
    minitest (5.9.1)
    moneta (0.8.0)
    multi_json (1.12.1)
    multi_xml (0.5.5)
    naturally (2.1.0)
    netrc (0.11.0)
    paint (1.0.1)
    posix-spawn (0.3.11)
    rack (1.6.4)
    rack-accept (0.4.5)
      rack (>= 0.4)
    rack-accept-media-types (0.9)
    rack-contrib (1.4.0)
      git-version-bump (~> 0.15)
      rack (~> 1.4)
    rack-mount (0.8.3)
      rack (>= 1.0.0)
    rack-respond_to (0.9.8)
      rack-accept-media-types (>= 0.6)
    require_all (1.3.3)
    rest-client (2.0.0)
      http-cookie (>= 1.0.2, < 2.0)
      mime-types (>= 1.16, < 4.0)
      netrc (~> 0.8)
    rest-client-components (1.4.0)
      rack (>= 1.0.1)
      rest-client (>= 1.6.0)
    sys-filesystem (1.1.7)
      ffi
    thread_safe (0.3.5)
    tzinfo (1.2.2)
      thread_safe (~> 0.1)
    unf (0.1.4)
      unf_ext
    unf_ext (0.0.7.2)
    virtus (1.0.5)
      axiom-types (~> 0.1)
      coercible (~> 1.0)
      descendants_tracker (~> 0.0, >= 0.0.3)
      equalizer (~> 0.0, >= 0.0.9)

PLATFORMS
  ruby

DEPENDENCIES
  blockbridge-api!
  blockbridge-util!
  clamp!
  docker-api!
  em-http-request
  em-synchrony
  excon (>= 0.46.0)
  facets (~> 3.0)
  goliath
  grape!
  hashie
  heroics!
  posix-spawn
  require_all
  rest-client
  rest-client-components

BUNDLED WITH
   1.13.6
