GIT
  remote: /usr/lib/blockbridge-api
  revision: b0e330ce5afea58eac9576762800308f9094690e
  branch: master
  specs:
    blockbridge-api (1.1.0)
      excon (~> 0.48)
      hashie (~> 3.4)
      heroics (= 0.0.12.bb7)
      jsonpath
      multi_json (~> 1.11)

GIT
  remote: /usr/lib/heroics
  revision: 72ded2ef01de207204694549e5851f7a241b0f2d
  branch: bb
  specs:
    heroics (0.0.12.bb7)
      erubis (~> 2.7.0)
      excon
      moneta
      multi_json (>= 1.9.2)
      netrc

GIT
  remote: git://github.com/srust/grape.git
  revision: c6494e6e3174ed09d49b2490ea19e0f318a4be70
  branch: 1048_dot_in_version_accept_header
  specs:
    grape (0.12.1)
      activesupport
      builder
      hashie (>= 2.1.0)
      multi_json (>= 1.3.2)
      multi_xml (>= 0.5.2)
      rack (>= 1.3.0)
      rack-accept
      rack-mount
      virtus (>= 1.0.0)

GIT
  remote: git://github.com/swipely/docker-api.git
  revision: 1c5f27324e49c2fb04e964303629f6fc7ad9768f
  branch: master
  specs:
    docker-api (1.26.2)
      excon (>= 0.38.0)
      json

GEM
  remote: https://rubygems.org/
  specs:
    activesupport (4.2.6)
      i18n (~> 0.7)
      json (~> 1.7, >= 1.7.7)
      minitest (~> 5.1)
      thread_safe (~> 0.3, >= 0.3.4)
      tzinfo (~> 1.1)
    addressable (2.4.0)
    async-rack (0.5.1)
      rack (~> 1.1)
    axiom-types (0.1.1)
      descendants_tracker (~> 0.0.4)
      ice_nine (~> 0.11.0)
      thread_safe (~> 0.3, >= 0.3.1)
    builder (3.2.2)
    clamp (1.0.0)
    coercible (1.0.0)
      descendants_tracker (~> 0.0.1)
    cookiejar (0.3.0)
    descendants_tracker (0.0.4)
      thread_safe (~> 0.3, >= 0.3.1)
    domain_name (0.5.20160216)
      unf (>= 0.0.5, < 1.0.0)
    em-http-request (1.1.3)
      addressable (>= 2.3.4)
      cookiejar (<= 0.3.0)
      em-socksify (>= 0.3)
      eventmachine (>= 1.0.3)
      http_parser.rb (>= 0.6.0)
    em-socksify (0.3.1)
      eventmachine (>= 1.0.0.beta.4)
    em-synchrony (1.0.4)
      eventmachine (>= 1.0.0.beta.1)
    em-websocket (0.3.8)
      addressable (>= 2.1.1)
      eventmachine (>= 0.12.9)
    equalizer (0.0.11)
    erubis (2.7.0)
    eventmachine (1.0.9.1)
    excon (0.48.0)
    git-version-bump (0.15.1)
    goliath (1.0.4)
      async-rack
      em-synchrony (>= 1.0.0)
      em-websocket (= 0.3.8)
      eventmachine (>= 1.0.0.beta.4)
      http_parser.rb (= 0.6.0)
      log4r
      multi_json
      rack (>= 1.2.2)
      rack-contrib
      rack-respond_to
    hashie (3.4.3)
    http-cookie (1.0.2)
      domain_name (~> 0.5)
    http_parser.rb (0.6.0)
    i18n (0.7.0)
    ice_nine (0.11.2)
    json (1.8.3)
    jsonpath (0.5.8)
      multi_json
    log4r (1.1.10)
    mime-types (2.99.1)
    minitest (5.8.4)
    moneta (0.8.0)
    multi_json (1.11.2)
    multi_xml (0.5.5)
    netrc (0.11.0)
    posix-spawn (0.3.11)
    rack (1.6.4)
    rack-accept (0.4.5)
      rack (>= 0.4)
    rack-accept-media-types (0.9)
    rack-contrib (1.4.0)
      git-version-bump (~> 0.15)
      rack (~> 1.4)
    rack-mount (0.8.3)
      rack (>= 1.0.0)
    rack-respond_to (0.9.8)
      rack-accept-media-types (>= 0.6)
    require_all (1.3.3)
    rest-client (1.8.0)
      http-cookie (>= 1.0.2, < 2.0)
      mime-types (>= 1.16, < 3.0)
      netrc (~> 0.7)
    rest-client-components (1.4.0)
      rack (>= 1.0.1)
      rest-client (>= 1.6.0)
    thread_safe (0.3.5)
    tzinfo (1.2.2)
      thread_safe (~> 0.1)
    unf (0.1.4)
      unf_ext
    unf_ext (0.0.7.2)
    virtus (1.0.5)
      axiom-types (~> 0.1)
      coercible (~> 1.0)
      descendants_tracker (~> 0.0, >= 0.0.3)
      equalizer (~> 0.0, >= 0.0.9)

PLATFORMS
  ruby

DEPENDENCIES
  blockbridge-api!
  clamp
  docker-api!
  em-http-request
  em-synchrony
  excon (>= 0.46.0)
  goliath
  grape!
  heroics!
  posix-spawn
  require_all
  rest-client
  rest-client-components

BUNDLED WITH
   1.11.2
